PATH
  remote: .
  specs:
    nhl (0.1.0)

GEM
  remote: https://rubygems.org/
  specs:
    coderay (1.1.3)
    httparty (0.21.0)
      mini_mime (>= 1.0.0)
      multi_xml (>= 0.5.2)
    method_source (1.0.0)
    mini_mime (1.1.2)
    multi_xml (0.6.0)
    pry (0.13.1)
      coderay (~> 1.1)
      method_source (~> 1.0)
    rainbow (3.0.0)
    rake (12.3.2)
    tty-font (0.5.0)
    tty-link (0.1.1)

PLATFORMS
  ruby

DEPENDENCIES
  httparty
  nhl!
  pry
  rainbow
  rake (~> 12.0)
  tty-font
  tty-link

BUNDLED WITH
   2.1.4
